GEM
  remote: https://rubygems.org/
  specs:
    addressable (2.3.5)
    crack (0.4.2)
      safe_yaml (~> 1.0.0)
    diff-lcs (1.2.5)
    dotenv (0.10.0)
    hashie (2.0.5)
    httparty (0.13.0)
      json (~> 1.8)
      multi_xml (>= 0.5.2)
    json (1.8.1)
    multi_xml (0.5.5)
    rspec (2.14.1)
      rspec-core (~> 2.14.0)
      rspec-expectations (~> 2.14.0)
      rspec-mocks (~> 2.14.0)
    rspec-core (2.14.8)
    rspec-expectations (2.14.5)
      diff-lcs (>= 1.1.3, < 2.0)
    rspec-mocks (2.14.6)
    safe_yaml (1.0.1)
    thor (0.18.1)
    tvdbr (0.2.2)
      hashie
      httparty (>= 0.8.0)
    vcr (2.8.0)
    webmock (1.15.2)
      addressable (>= 2.2.7)
      crack (>= 0.3.2)

PLATFORMS
  ruby

DEPENDENCIES
  dotenv (= 0.10.0)
  rspec (= 2.14.1)
  thor (= 0.18.1)
  tvdbr (= 0.2.2)
  vcr (= 2.8.0)
  webmock (= 1.15.2)
